PATH
  remote: .
  specs:
    pusher (0.6.0)
      crack
      json
      ruby-hmac
      signature

GEM
  specs:
    addressable (2.2.1)
    crack (0.1.8)
    em-http-request (0.2.7)
      addressable (>= 2.0.0)
      eventmachine (>= 0.12.9)
    eventmachine (0.12.10)
    json (1.4.6)
    rspec (1.3.0)
    ruby-hmac (0.4.0)
    signature (0.1.1)
      ruby-hmac
    webmock (1.3.0)
      addressable (>= 2.1.1)
      crack (>= 0.1.7)

PLATFORMS
  ruby

DEPENDENCIES
  crack
  em-http-request (= 0.2.7)
  json
  pusher!
  rspec (>= 1.2.9)
  ruby-hmac
  signature
  webmock
