PATH
  remote: .
  specs:
    pusher (0.6.0)
      crack (~> 0.1.0)
      json (~> 1.4.0)
      ruby-hmac (~> 0.4.0)
      signature (~> 0.1.0)

GEM
  remote: http://rubygems.org/
  specs:
    addressable (2.2.1)
    crack (0.1.8)
    em-http-request (0.2.7)
      addressable (>= 2.0.0)
      eventmachine (>= 0.12.9)
    eventmachine (0.12.10)
    json (1.4.6)
    rspec (1.3.0)
    ruby-hmac (0.4.0)
    signature (0.1.1)
      ruby-hmac
    webmock (1.3.0)
      addressable (>= 2.1.1)
      crack (>= 0.1.7)

PLATFORMS
  ruby

DEPENDENCIES
  crack (~> 0.1.0)
  em-http-request (= 0.2.7)
  json (~> 1.4.0)
  pusher!
  rspec (>= 1.2.9)
  ruby-hmac (~> 0.4.0)
  signature (~> 0.1.0)
  webmock
